GEM
  remote: https://rubygems.org/
  specs:
    addressable (2.5.2)
      public_suffix (>= 2.0.2, < 4.0)
    css_parser (1.6.0)
      addressable
    htmlentities (4.3.4)
    mini_portile2 (2.3.0)
    nokogiri (1.8.1)
      mini_portile2 (~> 2.3.0)
    premailer (1.11.0)
      addressable
      css_parser (>= 1.6.0)
      htmlentities (>= 4.0.0)
    public_suffix (3.0.0)

PLATFORMS
  ruby

DEPENDENCIES
  nokogiri
  premailer

BUNDLED WITH
   1.14.3
